GEM
  remote: https://rubygems.org/
  specs:
    eph_bpn (0.1.11)
    eph_jpl (0.1.1)
    holiday_japan (1.4.4)
    mk_time (0.4.0)

PLATFORMS
  ruby

DEPENDENCIES
  eph_bpn
  eph_jpl
  holiday_japan
  mk_time

BUNDLED WITH
   2.1.4
