GEM
  remote: https://rubygems.org/
  specs:
    eph_jpl (0.1.1)
    mk_time (0.4.0)

PLATFORMS
  ruby

DEPENDENCIES
  eph_jpl
  mk_time

BUNDLED WITH
   2.1.4
