GEM
  remote: https://rubygems.org/
  specs:
    eph_bpn (0.1.11)
    eph_jpl (0.1.1)
    mk_greenwich (0.1.2)
      eph_bpn
      mk_time
    mk_time (0.4.0)

PLATFORMS
  ruby

DEPENDENCIES
  eph_bpn
  eph_jpl
  mk_greenwich
  mk_time

BUNDLED WITH
   2.1.4
